GIT
  remote: https://github.com/brianhempel/active_record_union.git
  revision: 8ebe558709aabe039abd24e3e7dd4d4354a6de88
  specs:
    active_record_union (1.3.0)
      activerecord (>= 6.0)

GIT
  remote: https://github.com/rails/rails.git
  revision: 0a5faeaf71745b05d937b579a4da5bd90e0b6b58
  specs:
    actioncable (8.1.0.beta1)
      actionpack (= 8.1.0.beta1)
      activesupport (= 8.1.0.beta1)
      nio4r (~> 2.0)
      websocket-driver (>= 0.6.1)
      zeitwerk (~> 2.6)
    actionmailbox (8.1.0.beta1)
      actionpack (= 8.1.0.beta1)
      activejob (= 8.1.0.beta1)
      activerecord (= 8.1.0.beta1)
      activestorage (= 8.1.0.beta1)
      activesupport (= 8.1.0.beta1)
      mail (>= 2.8.0)
    actionmailer (8.1.0.beta1)
      actionpack (= 8.1.0.beta1)
      actionview (= 8.1.0.beta1)
      activejob (= 8.1.0.beta1)
      activesupport (= 8.1.0.beta1)
      mail (>= 2.8.0)
      rails-dom-testing (~> 2.2)
    actionpack (8.1.0.beta1)
      actionview (= 8.1.0.beta1)
      activesupport (= 8.1.0.beta1)
      nokogiri (>= 1.8.5)
      rack (>= 2.2.4)
      rack-session (>= 1.0.1)
      rack-test (>= 0.6.3)
      rails-dom-testing (~> 2.2)
      rails-html-sanitizer (~> 1.6)
      useragent (~> 0.16)
    actiontext (8.1.0.beta1)
      action_text-trix (~> 2.1.15)
      actionpack (= 8.1.0.beta1)
      activerecord (= 8.1.0.beta1)
      activestorage (= 8.1.0.beta1)
      activesupport (= 8.1.0.beta1)
      globalid (>= 0.6.0)
      nokogiri (>= 1.8.5)
    actionview (8.1.0.beta1)
      activesupport (= 8.1.0.beta1)
      builder (~> 3.1)
      erubi (~> 1.11)
      rails-dom-testing (~> 2.2)
      rails-html-sanitizer (~> 1.6)
    activejob (8.1.0.beta1)
      activesupport (= 8.1.0.beta1)
      globalid (>= 0.3.6)
    activemodel (8.1.0.beta1)
      activesupport (= 8.1.0.beta1)
    activerecord (8.1.0.beta1)
      activemodel (= 8.1.0.beta1)
      activesupport (= 8.1.0.beta1)
      timeout (>= 0.4.0)
    activestorage (8.1.0.beta1)
      actionpack (= 8.1.0.beta1)
      activejob (= 8.1.0.beta1)
      activerecord (= 8.1.0.beta1)
      activesupport (= 8.1.0.beta1)
      marcel (~> 1.0)
    activesupport (8.1.0.beta1)
      base64
      benchmark (>= 0.3)
      bigdecimal
      concurrent-ruby (~> 1.0, >= 1.3.1)
      connection_pool (>= 2.2.5)
      drb
      i18n (>= 1.6, < 2)
      logger (>= 1.4.2)
      minitest (>= 5.1)
      securerandom (>= 0.3)
      tzinfo (~> 2.0, >= 2.0.5)
      uri (>= 0.13.1)
    rails (8.1.0.beta1)
      actioncable (= 8.1.0.beta1)
      actionmailbox (= 8.1.0.beta1)
      actionmailer (= 8.1.0.beta1)
      actionpack (= 8.1.0.beta1)
      actiontext (= 8.1.0.beta1)
      actionview (= 8.1.0.beta1)
      activejob (= 8.1.0.beta1)
      activemodel (= 8.1.0.beta1)
      activerecord (= 8.1.0.beta1)
      activestorage (= 8.1.0.beta1)
      activesupport (= 8.1.0.beta1)
      bundler (>= 1.15.0)
      railties (= 8.1.0.beta1)
    railties (8.1.0.beta1)
      actionpack (= 8.1.0.beta1)
      activesupport (= 8.1.0.beta1)
      irb (~> 1.13)
      rackup (>= 1.0.0)
      rake (>= 12.2)
      thor (~> 1.0, >= 1.2.2)
      tsort (>= 0.2)
      zeitwerk (~> 2.6)

GIT
  remote: https://github.com/rocketshipio/nopassword.git
  revision: e56c9b1a38f1c215bc23413d784e6a75858094a8
  branch: main
  specs:
    nopassword (0.1.5)
      http (~> 5.1)
      jwt (~> 2.8)
      rails (>= 7.0.1)
      uri-builder (~> 0.1.5)
      zeitwerk (~> 2.0)

GIT
  remote: https://github.com/rocketshipio/oxidizer.git
  revision: 92b5a0a8951a2d8052fff5a461b8d075d633a2c6
  branch: main
  specs:
    oxidizer (0.1.0)
      rails (>= 7.0.3)

GIT
  remote: https://github.com/rubymonolith/featureomatic.git
  revision: 13d1117565f6da4ec0839fd3015019bacd27103d
  specs:
    featureomatic (0.1.1)
      rails (>= 7.0.3)

GEM
  remote: https://rubygems.org/
  specs:
    action_text-trix (2.1.15)
      railties
    addressable (2.8.7)
      public_suffix (>= 2.0.2, < 7.0)
    ahoy_matey (5.4.0)
      activesupport (>= 7.1)
      device_detector (>= 1)
      safely_block (>= 0.4)
    anybase (0.0.15)
    base64 (0.3.0)
    bcrypt (3.1.20)
    benchmark (0.4.1)
    bigdecimal (3.2.3)
    bindex (0.8.1)
    blazer (2.6.5)
      activerecord (>= 5)
      chartkick (>= 3.2)
      railties (>= 5)
      safely_block (>= 0.1.1)
    bootsnap (1.18.6)
      msgpack (~> 1.2)
    builder (3.3.0)
    byebug (12.0.0)
    capybara (3.40.0)
      addressable
      matrix
      mini_mime (>= 0.1.3)
      nokogiri (~> 1.11)
      rack (>= 1.6.0)
      rack-test (>= 0.6.3)
      regexp_parser (>= 1.5, < 3.0)
      xpath (~> 3.2)
    chartkick (5.2.0)
    childprocess (4.1.0)
    chronic (0.10.2)
    chunky_png (1.4.0)
    closure_tree (7.4.0)
      activerecord (>= 4.2.10)
      with_advisory_lock (>= 4.0.0)
    color (1.8)
    concurrent-ruby (1.3.5)
    connection_pool (2.5.4)
    crass (1.0.6)
    csv (3.3.5)
    csv_builder (2.1.3)
      actionpack (>= 3.0.0)
    date (3.4.1)
    device_detector (1.1.3)
    diff-lcs (1.6.2)
    domain_name (0.6.20240107)
    drb (2.2.3)
    erb (5.0.2)
    erubi (1.13.1)
    factory_bot (6.5.5)
      activesupport (>= 6.1.0)
    factory_bot_rails (6.5.1)
      factory_bot (~> 6.5)
      railties (>= 6.1.0)
    faker (3.5.2)
      i18n (>= 1.8.11, < 2)
    faraday (2.13.4)
      faraday-net_http (>= 2.0, < 3.5)
      json
      logger
    faraday-net_http (3.4.1)
      net-http (>= 0.5.0)
    ffi (1.17.2-aarch64-linux-gnu)
    ffi (1.17.2-aarch64-linux-musl)
    ffi (1.17.2-arm-linux-gnu)
    ffi (1.17.2-arm-linux-musl)
    ffi (1.17.2-arm64-darwin)
    ffi (1.17.2-x86_64-darwin)
    ffi (1.17.2-x86_64-linux-gnu)
    ffi (1.17.2-x86_64-linux-musl)
    ffi-compiler (1.3.2)
      ffi (>= 1.15.5)
      rake
    globalid (1.2.1)
      activesupport (>= 6.1)
    groupdate (5.2.4)
      activesupport (>= 5)
    hashie (5.0.0)
    http (5.3.1)
      addressable (~> 2.8)
      http-cookie (~> 1.0)
      http-form_data (~> 2.2)
      llhttp-ffi (~> 0.5.0)
    http-cookie (1.0.8)
      domain_name (~> 0.5)
    http-form_data (2.3.0)
    i18n (1.14.7)
      concurrent-ruby (~> 1.0)
    imageomatic (0.1.4)
      rails (>= 7.0.0)
      thor (>= 1.0.0)
    importmap-rails (2.2.2)
      actionpack (>= 6.0.0)
      activesupport (>= 6.0.0)
      railties (>= 6.0.0)
    io-console (0.8.1)
    irb (1.15.2)
      pp (>= 0.6.0)
      rdoc (>= 4.0.0)
      reline (>= 0.4.2)
    jbuilder (2.14.1)
      actionview (>= 7.0.0)
      activesupport (>= 7.0.0)
    json (2.13.2)
    jwt (2.10.2)
      base64
    listen (3.9.0)
      rb-fsevent (~> 0.10, >= 0.10.3)
      rb-inotify (~> 0.9, >= 0.9.10)
    llhttp-ffi (0.5.1)
      ffi-compiler (~> 1.0)
      rake (~> 13.0)
    local_time (3.0.3)
    logger (1.7.0)
    loofah (2.24.1)
      crass (~> 1.0.2)
      nokogiri (>= 1.12.0)
    mail (2.8.1)
      mini_mime (>= 0.1.1)
      net-imap
      net-pop
      net-smtp
    mailto (0.1.2)
      rails (>= 7.1.0)
    marcel (1.0.4)
    matrix (0.4.3)
    mime-types (3.7.0)
      logger
      mime-types-data (~> 3.2025, >= 3.2025.0507)
    mime-types-data (3.2025.0909)
    mini_magick (4.0.4)
    mini_mime (1.1.5)
    minitest (5.25.5)
    msgpack (1.8.0)
    multi_xml (0.7.2)
      bigdecimal (~> 3.1)
    net-http (0.6.0)
      uri
    net-imap (0.5.10)
      date
      net-protocol
    net-pop (0.1.2)
      net-protocol
    net-protocol (0.2.2)
      timeout
    net-smtp (0.5.1)
      net-protocol
    nilify_blanks (1.4.0)
      activerecord (>= 4.0.0)
      activesupport (>= 4.0.0)
    nio4r (2.7.4)
    nokogiri (1.18.10-aarch64-linux-gnu)
      racc (~> 1.4)
    nokogiri (1.18.10-aarch64-linux-musl)
      racc (~> 1.4)
    nokogiri (1.18.10-arm-linux-gnu)
      racc (~> 1.4)
    nokogiri (1.18.10-arm-linux-musl)
      racc (~> 1.4)
    nokogiri (1.18.10-arm64-darwin)
      racc (~> 1.4)
    nokogiri (1.18.10-x86_64-darwin)
      racc (~> 1.4)
    nokogiri (1.18.10-x86_64-linux-gnu)
      racc (~> 1.4)
    nokogiri (1.18.10-x86_64-linux-musl)
      racc (~> 1.4)
    oauth2 (2.0.16)
      faraday (>= 0.17.3, < 4.0)
      jwt (>= 1.0, < 4.0)
      logger (~> 1.2)
      multi_xml (~> 0.5)
      rack (>= 1.2, < 4)
      snaky_hash (~> 2.0, >= 2.0.3)
      version_gem (~> 1.1, >= 1.1.8)
    omniauth (2.1.3)
      hashie (>= 3.4.6)
      rack (>= 2.2.3)
      rack-protection
    omniauth-google-oauth2 (1.2.1)
      jwt (>= 2.9.2)
      oauth2 (~> 2.0)
      omniauth (~> 2.0)
      omniauth-oauth2 (~> 1.8)
    omniauth-oauth2 (1.8.0)
      oauth2 (>= 1.4, < 3)
      omniauth (~> 2.0)
    pdf-core (0.10.0)
    pg (1.6.2)
    pg (1.6.2-aarch64-linux)
    pg (1.6.2-aarch64-linux-musl)
    pg (1.6.2-arm64-darwin)
    pg (1.6.2-x86_64-darwin)
    pg (1.6.2-x86_64-linux)
    pg (1.6.2-x86_64-linux-musl)
    pg_search (2.3.7)
      activerecord (>= 6.1)
      activesupport (>= 6.1)
    phlex (2.3.1)
      zeitwerk (~> 2.7)
    phlex-rails (2.3.1)
      phlex (~> 2.3.0)
      railties (>= 7.1, < 9)
      zeitwerk (~> 2.7)
    pp (0.6.2)
      prettyprint
    prawn (2.5.0)
      matrix (~> 0.4)
      pdf-core (~> 0.10.0)
      ttfunk (~> 1.8)
    prawn-qrcode (0.5.2)
      prawn (>= 1)
      rqrcode (>= 1.0.0)
    prettyprint (0.2.0)
    propshaft (1.2.1)
      actionpack (>= 7.0.0)
      activesupport (>= 7.0.0)
      rack
    psych (5.2.6)
      date
      stringio
    public_suffix (6.0.2)
    puma (6.6.1)
      nio4r (~> 2.0)
    pundit (2.5.1)
      activesupport (>= 3.0.0)
    pundit-matchers (1.7.0)
      rspec-rails (>= 3.0.0)
    racc (1.8.1)
    rack (3.2.1)
    rack-protection (4.1.1)
      base64 (>= 0.1.0)
      logger (>= 1.6.0)
      rack (>= 3.0.0, < 4)
    rack-session (2.1.1)
      base64 (>= 0.1.0)
      rack (>= 3.0.0)
    rack-test (2.2.0)
      rack (>= 1.3)
    rackup (2.2.1)
      rack (>= 3)
    rails-dom-testing (2.3.0)
      activesupport (>= 5.0.0)
      minitest
      nokogiri (>= 1.6)
    rails-html-sanitizer (1.6.2)
      loofah (~> 2.21)
      nokogiri (>= 1.15.7, != 1.16.7, != 1.16.6, != 1.16.5, != 1.16.4, != 1.16.3, != 1.16.2, != 1.16.1, != 1.16.0.rc1, != 1.16.0)
    rake (13.3.0)
    rb-fsevent (0.11.2)
    rb-inotify (0.11.1)
      ffi (~> 1.0)
    rdoc (6.14.2)
      erb
      psych (>= 4.0.0)
    redcarpet (3.5.1)
    redis (3.3.5)
    regexp_parser (2.11.3)
    reline (0.6.2)
      io-console (~> 0.5)
    rexml (3.4.4)
    rollbar (3.6.2)
    rqrcode (3.1.0)
      chunky_png (~> 1.0)
      rqrcode_core (~> 2.0)
    rqrcode_core (2.0.0)
    rspec-core (3.13.5)
      rspec-support (~> 3.13.0)
    rspec-expectations (3.13.5)
      diff-lcs (>= 1.2.0, < 2.0)
      rspec-support (~> 3.13.0)
    rspec-mocks (3.13.5)
      diff-lcs (>= 1.2.0, < 2.0)
      rspec-support (~> 3.13.0)
    rspec-rails (8.0.2)
      actionpack (>= 7.2)
      activesupport (>= 7.2)
      railties (>= 7.2)
      rspec-core (~> 3.13)
      rspec-expectations (~> 3.13)
      rspec-mocks (~> 3.13)
      rspec-support (~> 3.13)
    rspec-support (3.13.5)
    rubyzip (3.1.0)
    safely_block (0.5.0)
    securerandom (0.4.1)
    selenium-webdriver (4.1.0)
      childprocess (>= 0.5, < 5.0)
      rexml (~> 3.2, >= 3.2.5)
      rubyzip (>= 1.2.2)
    shoulda-matchers (4.5.1)
      activesupport (>= 4.2.0)
    simple_form (5.3.1)
      actionpack (>= 5.2)
      activemodel (>= 5.2)
    sitepress-core (4.0.8)
      mime-types (>= 2.99)
    sitepress-rails (4.0.8)
      actionpack (>= 7.0)
      railties (>= 7.0)
      sitepress-core (= 4.0.8)
      sprockets-rails (>= 2.0.0)
    snaky_hash (2.0.3)
      hashie (>= 0.1.0, < 6)
      version_gem (>= 1.1.8, < 3)
    spring (4.4.0)
    spring-commands-rspec (1.0.4)
      spring (>= 0.9.1)
    spring-watcher-listen (2.1.0)
      listen (>= 2.7, < 4.0)
      spring (>= 4)
    sprockets (4.2.2)
      concurrent-ruby (~> 1.0)
      logger
      rack (>= 2.2.4, < 4)
    sprockets-rails (3.5.2)
      actionpack (>= 6.1)
      activesupport (>= 6.1)
      sprockets (>= 3.0.0)
    stimulus-rails (1.3.4)
      railties (>= 6.0.0)
    stringio (3.1.7)
    stripe (5.55.0)
    strong_password (0.0.10)
    superform (0.6.1)
      phlex-rails (~> 2.0)
      zeitwerk (~> 2.6)
    superview (1.0.0)
      zeitwerk (~> 2.0)
    tailwindcss-rails (4.3.0)
      railties (>= 7.0.0)
      tailwindcss-ruby (~> 4.0)
    tailwindcss-ruby (4.1.13)
    tailwindcss-ruby (4.1.13-aarch64-linux-gnu)
    tailwindcss-ruby (4.1.13-aarch64-linux-musl)
    tailwindcss-ruby (4.1.13-arm64-darwin)
    tailwindcss-ruby (4.1.13-x86_64-darwin)
    tailwindcss-ruby (4.1.13-x86_64-linux-gnu)
    tailwindcss-ruby (4.1.13-x86_64-linux-musl)
    thor (1.4.0)
    timeout (0.4.3)
    tsort (0.2.0)
    ttfunk (1.8.0)
      bigdecimal (~> 3.1)
    turbo-rails (2.0.16)
      actionpack (>= 7.1.0)
      railties (>= 7.1.0)
    tzinfo (2.0.6)
      concurrent-ruby (~> 1.0)
    uri (1.0.3)
    uri-builder (0.1.13)
    useragent (0.16.11)
    version_gem (1.1.9)
    web-console (4.2.1)
      actionview (>= 6.0.0)
      activemodel (>= 6.0.0)
      bindex (>= 0.4.0)
      railties (>= 6.0.0)
    webdrivers (5.3.1)
      nokogiri (~> 1.6)
      rubyzip (>= 1.3.0)
      selenium-webdriver (~> 4.0, < 4.11)
    websocket-driver (0.8.0)
      base64
      websocket-extensions (>= 0.1.0)
    websocket-extensions (0.1.5)
    with_advisory_lock (7.0.1)
      activerecord (>= 7.2)
      zeitwerk (>= 2.7)
    xpath (3.2.0)
      nokogiri (~> 1.8)
    zeitwerk (2.7.3)

PLATFORMS
  aarch64-linux-gnu
  aarch64-linux-musl
  arm-linux-gnu
  arm-linux-musl
  arm64-darwin
  x86_64-darwin
  x86_64-linux-gnu
  x86_64-linux-musl

DEPENDENCIES
  active_record_union (~> 1.3.0)!
  ahoy_matey (~> 5.4)
  anybase (~> 0.0.15)
  bcrypt (~> 3.1.13)
  blazer (~> 2.6)
  bootsnap (>= 1.4.2)
  byebug
  capybara (>= 2.15)
  chronic (~> 0.10.2)
  closure_tree (~> 7.0)
  color (~> 1.8)
  csv
  csv_builder (~> 2.1)
  factory_bot_rails
  faker
  featureomatic (~> 0.1.1)!
  groupdate (~> 5.2)
  imageomatic (~> 0.1.4)
  importmap-rails
  jbuilder (~> 2.10)
  jwt
  local_time
  mailto (~> 0.1)
  matrix (~> 0.4.2)
  mini_magick (~> 4.0.0)
  nilify_blanks (~> 1.4)
  nopassword!
  omniauth
  omniauth-google-oauth2
  oxidizer!
  pg (~> 1.5)
  pg_search (~> 2.3)
  phlex-rails (~> 2.3)
  prawn (~> 2.0)
  prawn-qrcode (~> 0.5.0)
  propshaft
  puma (~> 6.0)
  pundit
  pundit-matchers (~> 1.7.0)
  rails!
  redcarpet (~> 3.5.0)
  redis (~> 3.0)
  rexml
  rollbar
  rspec-rails
  selenium-webdriver
  shoulda-matchers (~> 4.5.0)
  simple_form (~> 5.0)
  sitepress-rails (~> 4.0)
  spring
  spring-commands-rspec
  spring-watcher-listen
  stimulus-rails
  stripe (~> 5.38)
  strong_password
  superform (~> 0.6.0)
  superview (~> 1.0)
  tailwindcss-rails (~> 4.3)
  turbo-rails
  tzinfo-data
  web-console
  webdrivers

RUBY VERSION
   ruby 3.4.2p28

BUNDLED WITH
   2.6.5
